NUGET
  remote: https://api.nuget.org/v3/index.json
    FsCheck (2.6.2) - restriction: >= net452
      FSharp.Core (>= 3.1.2.5)
    FsCheck.Xunit (2.6.2) - restriction: >= net452
      FsCheck (>= 2.6.2)
      xunit.extensibility.execution (>= 2.1 < 3.0)
    FSharp.Core (3.1.2.5) - restriction: >= net452
    Newtonsoft.Json (9.0.1) - restriction: >= net452
    xunit.abstractions (2.0) - restriction: >= net452
    xunit.assert (2.1) - restriction: >= net451
    xunit.extensibility.core (2.1) - restriction: >= net452
      xunit.abstractions (2.0)
    xunit.extensibility.execution (2.1) - restriction: >= net452
      xunit.extensibility.core (2.1) - restriction: || (>= dnx451) (>= dnxcore50) (>= monoandroid) (>= monotouch) (>= net45) (>= win8) (>= wp8) (>= wpa81) (>= xamarinios)
